PATH
  remote: .
  specs:
    waterdrop (0.3.2.3)
      bundler
      connection_pool
      dry-configurable (~> 0.6)
      null-logger
      rake
      ruby-kafka

GEM
  remote: https://rubygems.org/
  specs:
    concurrent-ruby (1.0.5)
    connection_pool (2.2.1)
    diff-lcs (1.3)
    docile (1.1.5)
    dry-configurable (0.6.2)
      concurrent-ruby (~> 1.0)
    json (2.1.0)
    null-logger (0.1.3)
    rake (12.0.0)
    rspec (3.6.0)
      rspec-core (~> 3.6.0)
      rspec-expectations (~> 3.6.0)
      rspec-mocks (~> 3.6.0)
    rspec-core (3.6.0)
      rspec-support (~> 3.6.0)
    rspec-expectations (3.6.0)
      diff-lcs (>= 1.2.0, < 2.0)
      rspec-support (~> 3.6.0)
    rspec-mocks (3.6.0)
      diff-lcs (>= 1.2.0, < 2.0)
      rspec-support (~> 3.6.0)
    rspec-support (3.6.0)
    ruby-kafka (0.3.16)
    simplecov (0.14.1)
      docile (~> 1.1.0)
      json (>= 1.8, < 3)
      simplecov-html (~> 0.10.0)
    simplecov-html (0.10.0)

PLATFORMS
  ruby

DEPENDENCIES
  rspec (~> 3.6.0)
  simplecov (~> 0.14.1)
  waterdrop!

BUNDLED WITH
   1.14.6
