PATH
  remote: .
  specs:
    waterdrop (2.4.1)
      karafka-core (>= 2.0.2, < 3.0.0)
      rdkafka (>= 0.10)
      zeitwerk (~> 2.3)

GEM
  remote: https://rubygems.org/
  specs:
    activesupport (7.0.4)
      concurrent-ruby (~> 1.0, >= 1.0.2)
      i18n (>= 1.6, < 2)
      minitest (>= 5.1)
      tzinfo (~> 2.0)
    byebug (11.1.3)
    concurrent-ruby (1.1.10)
    diff-lcs (1.5.0)
    docile (1.4.0)
    factory_bot (6.2.1)
      activesupport (>= 5.0.0)
    ffi (1.15.5)
    i18n (1.12.0)
      concurrent-ruby (~> 1.0)
    karafka-core (2.0.2)
      concurrent-ruby (>= 1.1)
    mini_portile2 (2.8.0)
    minitest (5.16.3)
    rake (13.0.6)
    rdkafka (0.12.0)
      ffi (~> 1.15)
      mini_portile2 (~> 2.6)
      rake (> 12)
    rspec (3.11.0)
      rspec-core (~> 3.11.0)
      rspec-expectations (~> 3.11.0)
      rspec-mocks (~> 3.11.0)
    rspec-core (3.11.0)
      rspec-support (~> 3.11.0)
    rspec-expectations (3.11.1)
      diff-lcs (>= 1.2.0, < 2.0)
      rspec-support (~> 3.11.0)
    rspec-mocks (3.11.1)
      diff-lcs (>= 1.2.0, < 2.0)
      rspec-support (~> 3.11.0)
    rspec-support (3.11.1)
    simplecov (0.21.2)
      docile (~> 1.1)
      simplecov-html (~> 0.11)
      simplecov_json_formatter (~> 0.1)
    simplecov-html (0.12.3)
    simplecov_json_formatter (0.1.4)
    tzinfo (2.0.5)
      concurrent-ruby (~> 1.0)
    zeitwerk (2.6.0)

PLATFORMS
  arm64-darwin
  x86_64-linux

DEPENDENCIES
  byebug
  factory_bot
  rspec
  simplecov
  waterdrop!

BUNDLED WITH
   2.3.22
