PATH
  remote: .
  specs:
    waterdrop (0.3.2.3)
      bundler
      connection_pool
      dry-configurable (~> 0.6)
      null-logger
      rake
      ruby-kafka

GEM
  remote: https://rubygems.org/
  specs:
    concurrent-ruby (1.0.5)
    connection_pool (2.2.1)
    dry-configurable (0.6.2)
      concurrent-ruby (~> 1.0)
    null-logger (0.1.3)
    rake (12.0.0)
    ruby-kafka (0.3.16)

PLATFORMS
  ruby

DEPENDENCIES
  waterdrop!

BUNDLED WITH
   1.14.6
