PATH
  remote: .
  specs:
    waterdrop (2.7.0.rc2)
      karafka-core (>= 2.4.0.rc2, < 3.0.0)
      zeitwerk (~> 2.3)

GEM
  remote: https://rubygems.org/
  specs:
    activesupport (7.1.3.2)
      base64
      bigdecimal
      concurrent-ruby (~> 1.0, >= 1.0.2)
      connection_pool (>= 2.2.5)
      drb
      i18n (>= 1.6, < 2)
      minitest (>= 5.1)
      mutex_m
      tzinfo (~> 2.0)
    base64 (0.2.0)
    bigdecimal (3.1.7)
    byebug (11.1.3)
    concurrent-ruby (1.2.3)
    connection_pool (2.4.1)
    diff-lcs (1.5.1)
    docile (1.4.0)
    drb (2.2.1)
    factory_bot (6.4.6)
      activesupport (>= 5.0.0)
    ffi (1.16.3)
    i18n (1.14.4)
      concurrent-ruby (~> 1.0)
    karafka-core (2.4.0.rc2)
      karafka-rdkafka (>= 0.15.0.rc2, < 0.16.0)
    karafka-rdkafka (0.15.0.rc2)
      ffi (~> 1.15)
      mini_portile2 (~> 2.6)
      rake (> 12)
    mini_portile2 (2.8.6)
    minitest (5.22.3)
    mutex_m (0.2.0)
    rake (13.2.1)
    rspec (3.13.0)
      rspec-core (~> 3.13.0)
      rspec-expectations (~> 3.13.0)
      rspec-mocks (~> 3.13.0)
    rspec-core (3.13.0)
      rspec-support (~> 3.13.0)
    rspec-expectations (3.13.0)
      diff-lcs (>= 1.2.0, < 2.0)
      rspec-support (~> 3.13.0)
    rspec-mocks (3.13.0)
      diff-lcs (>= 1.2.0, < 2.0)
      rspec-support (~> 3.13.0)
    rspec-support (3.13.1)
    simplecov (0.22.0)
      docile (~> 1.1)
      simplecov-html (~> 0.11)
      simplecov_json_formatter (~> 0.1)
    simplecov-html (0.12.3)
    simplecov_json_formatter (0.1.4)
    tzinfo (2.0.6)
      concurrent-ruby (~> 1.0)
    zeitwerk (2.6.13)

PLATFORMS
  arm64-darwin-22
  x86_64-linux

DEPENDENCIES
  byebug
  factory_bot
  rspec
  simplecov
  waterdrop!

BUNDLED WITH
   2.5.9
