PATH
  remote: /home/mencio/Software/Karafka/waterdrop
  specs:
    waterdrop (2.8.6)
      karafka-core (>= 2.4.9, < 3.0.0)
      karafka-rdkafka (>= 0.21.0.rc1)
      zeitwerk (~> 2.3)

GEM
  remote: https://rubygems.org/
  specs:
    async (2.27.2)
      console (~> 1.29)
      fiber-annotation
      io-event (~> 1.11)
      metrics (~> 0.12)
      traces (~> 0.15)
    console (1.33.0)
      fiber-annotation
      fiber-local (~> 1.1)
      json
    ffi (1.17.2-x86_64-linux-gnu)
    fiber-annotation (0.2.0)
    fiber-local (1.1.0)
      fiber-storage
    fiber-storage (1.0.1)
    io-event (1.12.1)
    json (2.13.2)
    karafka-core (2.5.5)
      karafka-rdkafka (>= 0.19.2, < 0.21.0)
      logger (>= 1.6.0)
    karafka-rdkafka (0.21.0.rc1-x86_64-linux-gnu)
      ffi (~> 1.15)
      logger
      mini_portile2 (~> 2.6)
      rake (> 12)
    logger (1.7.0)
    metrics (0.13.0)
    mini_portile2 (2.8.9)
    rake (13.3.0)
    traces (0.16.2)
    zeitwerk (2.7.3)

PLATFORMS
  x86_64-linux-gnu

DEPENDENCIES
  async
  waterdrop!

BUNDLED WITH
   2.7.1
